GIT
  remote: https://github.com/GemHQ/coin-op
  revision: 2a9b0c6aff9f8dc220fe4f23a0205bf8a4de128b
  branch: vendor
  specs:
    coin-op (0.2.4)
      bitcoin-ruby (= 0.0.6)
      hashie (~> 2.0)
      pry
      rbnacl-libsodium (~> 1.0)

GIT
  remote: https://github.com/GemHQ/money-tree
  revision: d72b971afca783befa6943660ed205b0423fd194
  branch: remove-network-state
  specs:
    money-tree (0.8.9)
      ffi

PATH
  remote: .
  specs:
    round (0.7.0)
      http (= 0.6.0)
      patchboard (~> 0.5.2)
      rbnacl (~> 3.1.0)
      rbnacl-libsodium (~> 1.0.0)
      rotp (= 2.1.0)

GEM
  remote: http://rubygems.org/
  specs:
    addressable (2.3.8)
    bitcoin-ruby (0.0.6)
    coderay (1.1.0)
    crack (0.4.2)
      safe_yaml (~> 1.0.0)
    diff-lcs (1.2.5)
    ffi (1.9.8)
    hashie (2.1.2)
    http (0.6.0)
      http_parser.rb (~> 0.6.0)
    http_parser.rb (0.6.0)
    json (1.8.2)
    method_source (0.8.2)
    patchboard (0.5.2)
      hashie (~> 2.0)
      http (~> 0.5)
      json (~> 1.8)
    pry (0.10.1)
      coderay (~> 1.1.0)
      method_source (~> 0.8.1)
      slop (~> 3.4)
    rbnacl (3.1.2)
      ffi
    rbnacl-libsodium (1.0.2)
      rbnacl (~> 3.0, >= 3.0.1)
    rotp (2.1.0)
    rspec (3.2.0)
      rspec-core (~> 3.2.0)
      rspec-expectations (~> 3.2.0)
      rspec-mocks (~> 3.2.0)
    rspec-core (3.2.3)
      rspec-support (~> 3.2.0)
    rspec-expectations (3.2.1)
      diff-lcs (>= 1.2.0, < 2.0)
      rspec-support (~> 3.2.0)
    rspec-mocks (3.2.1)
      diff-lcs (>= 1.2.0, < 2.0)
      rspec-support (~> 3.2.0)
    rspec-support (3.2.2)
    safe_yaml (1.0.4)
    slop (3.6.0)
    term-ansicolor (1.3.0)
      tins (~> 1.0)
    tins (1.5.1)
    vcr (2.9.3)
    webmock (1.21.0)
      addressable (>= 2.3.6)
      crack (>= 0.3.2)

PLATFORMS
  ruby

DEPENDENCIES
  coin-op!
  money-tree!
  pry
  round!
  rspec (~> 3.0)
  term-ansicolor (~> 1.3)
  vcr (~> 2.9.3)
  webmock (~> 1.18)
