PATH
  remote: .
  specs:
    bitvault (0.0.1)
      bitcoin-ruby (= 0.0.5)
      coin-op (= 0.1.0)
      money-tree (= 0.8.6)
      patchboard (= 0.4.2)
      rbnacl (~> 2.0)

GEM
  remote: http://rubygems.org/
  specs:
    activesupport (4.1.1)
      i18n (~> 0.6, >= 0.6.9)
      json (~> 1.7, >= 1.7.7)
      minitest (~> 5.1)
      thread_safe (~> 0.1)
      tzinfo (~> 1.1)
    addressable (2.3.6)
    ansi (1.4.3)
    bitcoin-ruby (0.0.5)
    builder (3.2.2)
    coin-op (0.1.0)
      bitcoin-ruby (= 0.0.5)
      money-tree (~> 0.8)
    crack (0.4.2)
      safe_yaml (~> 1.0.0)
    diff-lcs (1.2.5)
    factory_girl (4.4.0)
      activesupport (>= 3.0.0)
    faraday (0.9.0)
      multipart-post (>= 1.2, < 3)
    faraday_middleware (0.9.1)
      faraday (>= 0.7.4, < 0.10)
    ffi (1.9.3)
    ghee (0.9.6)
      faraday
      faraday_middleware
      multi_json
      yajl-ruby
    git (1.2.6)
    hashie (2.1.1)
    http (0.6.1)
      http_parser.rb (~> 0.6.0)
    http_parser.rb (0.6.0)
    i18n (0.6.9)
    json (1.8.1)
    minitest (5.3.4)
    minitest-reporters (1.0.4)
      ansi
      builder
      minitest (>= 5.0)
      ruby-progressbar
    money-tree (0.8.6)
      ffi
    multi_json (1.10.1)
    multipart-post (2.0.0)
    patchboard (0.4.2)
      hashie (~> 2.0)
      http (~> 0.5)
      json (~> 1.8)
    rbnacl (2.0.0)
      ffi
    rspec (2.14.1)
      rspec-core (~> 2.14.0)
      rspec-expectations (~> 2.14.0)
      rspec-mocks (~> 2.14.0)
    rspec-core (2.14.8)
    rspec-expectations (2.14.5)
      diff-lcs (>= 1.1.3, < 2.0)
    rspec-mocks (2.14.6)
    ruby-progressbar (1.5.1)
    safe_yaml (1.0.3)
    sequel (4.10.0)
    sqlite3 (1.3.9)
    starter (0.1.10)
      ghee
      git
      term-ansicolor
    term-ansicolor (1.3.0)
      tins (~> 1.0)
    thread_safe (0.3.4)
    tins (1.3.0)
    tzinfo (1.2.0)
      thread_safe (~> 0.1)
    vcr (2.9.2)
    webmock (1.18.0)
      addressable (>= 2.3.6)
      crack (>= 0.3.2)
    yajl-ruby (1.2.0)

PLATFORMS
  ruby

DEPENDENCIES
  bitvault!
  factory_girl
  hashie (~> 2.1.1)
  minitest-reporters (~> 1.0)
  rspec
  sequel (~> 4.8)
  sqlite3 (~> 1.3)
  starter
  term-ansicolor
  vcr
  webmock
