PATH
  remote: .
  specs:
    round (0.7.0)
      coin-op (~> 0.2)
      http (= 0.5.1)
      patchboard (~> 0.5.2)
      rbnacl (~> 3.1.0)
      rbnacl-libsodium (~> 1.0.0)

GEM
  remote: http://rubygems.org/
  specs:
    addressable (2.3.6)
    bitcoin-ruby (0.0.6)
    byebug (2.7.0)
      columnize (~> 0.3)
      debugger-linecache (~> 1.2)
    coderay (1.1.0)
    coin-op (0.2.3)
      bitcoin-ruby (= 0.0.6)
      money-tree (~> 0.8)
    columnize (0.8.9)
    crack (0.4.2)
      safe_yaml (~> 1.0.0)
    debugger-linecache (1.2.0)
    diff-lcs (1.2.5)
    ffi (1.9.8)
    hashie (2.1.2)
    http (0.5.1)
      http_parser.rb
    http_parser.rb (0.6.0)
    json (1.8.2)
    method_source (0.8.2)
    money-tree (0.8.9)
      ffi
    patchboard (0.5.2)
      hashie (~> 2.0)
      http (~> 0.5)
      json (~> 1.8)
    pry (0.10.0)
      coderay (~> 1.1.0)
      method_source (~> 0.8.1)
      slop (~> 3.4)
    pry-byebug (1.3.3)
      byebug (~> 2.7)
      pry (~> 0.10)
    rbnacl (3.1.2)
      ffi
    rbnacl-libsodium (1.0.2)
      rbnacl (~> 3.0, >= 3.0.1)
    rspec (3.0.0)
      rspec-core (~> 3.0.0)
      rspec-expectations (~> 3.0.0)
      rspec-mocks (~> 3.0.0)
    rspec-core (3.0.2)
      rspec-support (~> 3.0.0)
    rspec-expectations (3.0.2)
      diff-lcs (>= 1.2.0, < 2.0)
      rspec-support (~> 3.0.0)
    rspec-mocks (3.0.2)
      rspec-support (~> 3.0.0)
    rspec-support (3.0.2)
    safe_yaml (1.0.3)
    slop (3.5.0)
    term-ansicolor (1.3.0)
      tins (~> 1.0)
    tins (1.3.0)
    vcr (2.9.2)
    webmock (1.18.0)
      addressable (>= 2.3.6)
      crack (>= 0.3.2)

PLATFORMS
  ruby

DEPENDENCIES
  pry-byebug (~> 1.3)
  round!
  rspec (~> 3.0)
  term-ansicolor (~> 1.3)
  vcr (~> 2.9)
  webmock (~> 1.18)
