PATH
  remote: .
  specs:
    round (0.8.4)
      coin-op (= 0.4.4)
      http (~> 0.6)
      patchboard (~> 0.5)
      rbnacl (~> 3.1.0)
      rbnacl-libsodium (~> 1.0.0)
      rotp (= 2.1.0)

GEM
  remote: http://rubygems.org/
  specs:
    addressable (2.8.0)
      public_suffix (>= 2.0.2, < 5.0)
    bitcoin-ruby (0.0.6)
    coderay (1.1.3)
    coin-op (0.4.4)
      bitcoin-ruby (= 0.0.6)
      hashie (~> 2.0)
      money-tree (~> 0.9)
      rbnacl-libsodium (= 1.0.3)
    crack (0.4.5)
      rexml
    diff-lcs (1.5.0)
    domain_name (0.5.20190701)
      unf (>= 0.0.5, < 1.0.0)
    ffi (1.15.5)
    hashdiff (1.0.1)
    hashie (2.1.2)
    http (0.9.9)
      addressable (~> 2.3)
      http-cookie (~> 1.0)
      http-form_data (~> 1.0.1)
      http_parser.rb (~> 0.6.0)
    http-cookie (1.0.4)
      domain_name (~> 0.5)
    http-form_data (1.0.3)
    http_parser.rb (0.6.0)
    json (1.8.6)
    method_source (1.0.0)
    money-tree (0.10.0)
      ffi
    patchboard (0.5.2)
      hashie (~> 2.0)
      http (~> 0.5)
      json (~> 1.8)
    pry (0.14.1)
      coderay (~> 1.1)
      method_source (~> 1.0)
    public_suffix (4.0.6)
    rake (12.3.3)
    rbnacl (3.1.2)
      ffi
    rbnacl-libsodium (1.0.3)
      rbnacl (~> 3.0, >= 3.0.1)
    rexml (3.2.5)
    rotp (2.1.0)
    rspec (3.10.0)
      rspec-core (~> 3.10.0)
      rspec-expectations (~> 3.10.0)
      rspec-mocks (~> 3.10.0)
    rspec-core (3.10.1)
      rspec-support (~> 3.10.0)
    rspec-expectations (3.10.2)
      diff-lcs (>= 1.2.0, < 2.0)
      rspec-support (~> 3.10.0)
    rspec-mocks (3.10.2)
      diff-lcs (>= 1.2.0, < 2.0)
      rspec-support (~> 3.10.0)
    rspec-support (3.10.3)
    unf (0.1.4)
      unf_ext
    unf_ext (0.0.8)
    vcr (2.9.3)
    webmock (1.24.6)
      addressable (>= 2.3.6)
      crack (>= 0.3.2)
      hashdiff

PLATFORMS
  ruby

DEPENDENCIES
  pry (~> 0)
  rake (~> 12)
  round!
  rspec (~> 3.0)
  vcr (~> 2.9)
  webmock (~> 1.18)

BUNDLED WITH
   1.17.3
